GEM
  remote: https://rubygems.org/
  specs:
    dnsimple (4.4.0)
      httparty
    httparty (0.21.0)
      mini_mime (>= 1.0.0)
      multi_xml (>= 0.5.2)
    mini_mime (1.1.2)
    multi_xml (0.6.0)

PLATFORMS
  ruby

DEPENDENCIES
  dnsimple (~> 4.0)

BUNDLED WITH
   1.16.0
